PATH
  remote: .
  specs:
    riot-mongo_mapper (0.1.0)
      mongo_mapper (~> 0.9.0)
      riot (~> 0.12.3)

GEM
  remote: http://rubygems.org/
  specs:
    activemodel (3.0.6)
      activesupport (= 3.0.6)
      builder (~> 2.1.2)
      i18n (~> 0.5.0)
    activesupport (3.0.6)
    bson (1.3.0)
    builder (2.1.2)
    i18n (0.5.0)
    mongo (1.3.0)
      bson (>= 1.3.0)
    mongo_mapper (0.9.0)
      activemodel (~> 3.0.0)
      activesupport (~> 3.0.0)
      plucky (~> 0.3.6)
    plucky (0.3.8)
      mongo (~> 1.3)
    riot (0.12.3)
      rr
    rr (1.0.2)

PLATFORMS
  ruby

DEPENDENCIES
  riot-mongo_mapper!
